PATH
  remote: .
  specs:
    configdeploy_agent (0.1.0)
      archive-tar-minitar (~> 0.5.2)
      aws-sdk-code-generator (~> 0.2.2.pre)
      aws-sdk-core (~> 3)
      aws-sdk-s3 (~> 1)
      concurrent-ruby (~> 1.1.9)
      docopt (~> 0.5.0)
      gli (~> 2.5)
      json_pure (~> 1.6)
      logging (~> 1.8)
      rubyzip (~> 1.3.0)
      simple_pid (~> 0.2.1)

GEM
  remote: https://rubygems.org/
  specs:
    archive-tar-minitar (0.5.2)
    aws-eventstream (1.2.0)
    aws-partitions (1.686.0)
    aws-sdk-code-generator (0.2.4.pre)
      kramdown
      mustache
    aws-sdk-core (3.168.4)
      aws-eventstream (~> 1, >= 1.0.2)
      aws-partitions (~> 1, >= 1.651.0)
      aws-sigv4 (~> 1.5)
      jmespath (~> 1, >= 1.6.1)
    aws-sdk-kms (1.61.0)
      aws-sdk-core (~> 3, >= 3.165.0)
      aws-sigv4 (~> 1.1)
    aws-sdk-s3 (1.117.2)
      aws-sdk-core (~> 3, >= 3.165.0)
      aws-sdk-kms (~> 1)
      aws-sigv4 (~> 1.4)
    aws-sigv4 (1.5.2)
      aws-eventstream (~> 1, >= 1.0.2)
    concurrent-ruby (1.1.10)
    diff-lcs (1.5.0)
    docopt (0.5.0)
    gli (2.21.0)
    jmespath (1.6.2)
    json_pure (1.8.6)
    kramdown (2.4.0)
      rexml
    little-plugger (1.1.4)
    logging (1.8.2)
      little-plugger (>= 1.1.3)
      multi_json (>= 1.8.4)
    multi_json (1.15.0)
    mustache (1.1.1)
    rake (13.0.6)
    rexml (3.2.5)
    rspec (3.2.0)
      rspec-core (~> 3.2.0)
      rspec-expectations (~> 3.2.0)
      rspec-mocks (~> 3.2.0)
    rspec-core (3.2.3)
      rspec-support (~> 3.2.0)
    rspec-expectations (3.2.1)
      diff-lcs (>= 1.2.0, < 2.0)
      rspec-support (~> 3.2.0)
    rspec-mocks (3.2.1)
      diff-lcs (>= 1.2.0, < 2.0)
      rspec-support (~> 3.2.0)
    rspec-support (3.2.2)
    rubyzip (1.3.0)
    simple_pid (0.2.1)

PLATFORMS
  arm64-darwin-22

DEPENDENCIES
  configdeploy_agent!
  rake (~> 13.0)
  rspec (~> 3.2.0)

BUNDLED WITH
   2.3.7
